PATH
  remote: /home/guten/dev/one/pa
  specs:
    pa (1.2.3)

PATH
  remote: /home/guten/dev/one/tagen
  specs:
    tagen (1.1.7)
      activesupport (~> 3.1.0)
      i18n
      pd

GEM
  remote: http://rubygems.org/
  specs:
    activesupport (3.1.3)
      multi_json (~> 1.0)
    awesome_print (1.0.2)
    diff-lcs (1.1.3)
    hike (1.2.1)
    i18n (0.6.0)
    multi_json (1.1.0)
    optimism (3.1.2)
      hike (~> 1.2.0)
    pd (1.0.5)
      awesome_print
    rag (1.2.1)
      optimism (~> 3.1.0)
      pa (~> 1.2.0)
      tagen (~> 1.1.0)
      thor
    rmagick (2.13.1)
    rspec (2.8.0)
      rspec-core (~> 2.8.0)
      rspec-expectations (~> 2.8.0)
      rspec-mocks (~> 2.8.0)
    rspec-core (2.8.0)
    rspec-expectations (2.8.0)
      diff-lcs (~> 1.1.2)
    rspec-mocks (2.8.0)
    thor (0.14.6)
    watchr (0.7)

PLATFORMS
  ruby

DEPENDENCIES
  optimism
  pa!
  pd
  rag
  rmagick (~> 2.13.0)
  rspec
  tagen!
  thor (~> 0.14.0)
  watchr
