GIT
  remote: file:///home/guten/dev/rb/pa
  revision: 03518a38a82594412a3ef0a06beab030d61fc892
  specs:
    pa (1.0.2)
      o (~> 1.0.0)
      pa
      rmagick (~> 2.13.0)
      tagen (~> 1.0.0)
      thor (~> 0.14.0)

GEM
  remote: http://rubygems.org/
  specs:
    activesupport (3.0.8)
    diff-lcs (1.1.2)
    o (1.0.0)
    pd (1.0.2)
    rag (1.0.5)
      pa (~> 1.0.0)
      tagen (~> 1.0.0)
      thor (~> 0.14.0)
    rmagick (2.13.1)
    rspec (2.6.0)
      rspec-core (~> 2.6.0)
      rspec-expectations (~> 2.6.0)
      rspec-mocks (~> 2.6.0)
    rspec-core (2.6.4)
    rspec-expectations (2.6.0)
      diff-lcs (~> 1.1.2)
    rspec-mocks (2.6.0)
    tagen (1.0.2)
      activesupport
      pd
    thor (0.14.6)
    watchr (0.7)

PLATFORMS
  ruby

DEPENDENCIES
  o (~> 1.0.0)
  pa!
  rag
  rmagick (~> 2.13.0)
  rspec
  tagen (~> 1.0.0)
  thor (~> 0.14.0)
  watchr
