PATH
  remote: .
  specs:
    pajama (0.1.0)
      tagen
      thor

GEM
  remote: http://rubygems.org/
  specs:
    activesupport (3.0.7)
    diff-lcs (1.1.2)
    pd (1.0.1)
    rag (1.0.2)
      tagen (~> 0.2.0)
      thor (~> 0.14.0)
    rspec (2.6.0)
      rspec-core (~> 2.6.0)
      rspec-expectations (~> 2.6.0)
      rspec-mocks (~> 2.6.0)
    rspec-core (2.6.3)
    rspec-expectations (2.6.0)
      diff-lcs (~> 1.1.2)
    rspec-mocks (2.6.0)
    tagen (0.2.5)
      activesupport
      pd
    thor (0.14.6)
    watchr (0.7)

PLATFORMS
  ruby

DEPENDENCIES
  pajama!
  rag
  rspec
  watchr
